PATH
  remote: .
  specs:
    sailthru-client (2.1.0)
      json
      multipart-post

GEM
  remote: https://rubygems.org/
  specs:
    fakeweb (1.3.0)
    json (1.8.1)
    metaclass (0.0.4)
    minitest (5.3.4)
    mocha (0.14.0)
      metaclass (~> 0.0.1)
    multipart-post (2.0.0)
    rake (10.3.2)

PLATFORMS
  ruby

DEPENDENCIES
  fakeweb
  minitest (>= 5)
  mocha
  rake
  sailthru-client!
