GEM
  remote: https://rubygems.org/
  specs:
    activesupport (3.2.17)
      i18n (~> 0.6, >= 0.6.4)
      multi_json (~> 1.0)
    bourne (1.5.0)
      mocha (>= 0.13.2, < 0.15)
    columnize (0.8.9)
    fakeweb (1.3.0)
    i18n (0.6.9)
    json (1.8.1)
    linecache (0.46)
      rbx-require-relative (> 0.0.4)
    metaclass (0.0.4)
    mocha (0.14.0)
      metaclass (~> 0.0.1)
    multi_json (1.9.3)
    multipart-post (2.0.0)
    rake (0.9.6)
    rbx-require-relative (0.0.9)
    ruby-debug (0.10.4)
      columnize (>= 0.1)
      ruby-debug-base (~> 0.10.4.0)
    ruby-debug-base (0.10.4)
      linecache (>= 0.3)
    shoulda (3.5.0)
      shoulda-context (~> 1.0, >= 1.0.1)
      shoulda-matchers (>= 1.4.1, < 3.0)
    shoulda-context (1.2.1)
    shoulda-matchers (1.5.6)
      activesupport (>= 3.0.0)
      bourne (~> 1.3)

PLATFORMS
  ruby

DEPENDENCIES
  activesupport (< 4)
  fakeweb
  json
  multipart-post
  rake (= 0.9.6)
  ruby-debug
  shoulda
  shoulda-matchers (< 2)
